PATH
  remote: .
  specs:
    resque-enqueue-logger (0.0.5)

GEM
  remote: http://rubygems.org/
  specs:

PLATFORMS
  ruby

DEPENDENCIES
  resque-enqueue-logger!
